GEM
  remote: http://rubygems.org/
  specs:
    addressable (2.5.2)
      public_suffix (>= 2.0.2, < 4.0)
    axiom-types (0.1.1)
      descendants_tracker (~> 0.0.4)
      ice_nine (~> 0.11.0)
      thread_safe (~> 0.3, >= 0.3.1)
    coercible (1.0.0)
      descendants_tracker (~> 0.0.1)
    descendants_tracker (0.0.4)
      thread_safe (~> 0.3, >= 0.3.1)
    equalizer (0.0.11)
    faraday (0.15.3)
      multipart-post (>= 1.2, < 3)
    firebase (0.2.8)
      googleauth
      httpclient (>= 2.5.3)
      json
    googleauth (0.6.6)
      faraday (~> 0.12)
      jwt (>= 1.4, < 3.0)
      memoist (~> 0.12)
      multi_json (~> 1.11)
      os (>= 0.9, < 2.0)
      signet (~> 0.7)
    httpclient (2.8.3)
    ice_nine (0.11.2)
    inflecto (0.0.2)
    json (2.1.0)
    jwt (2.1.0)
    memoist (0.16.0)
    mini_portile2 (2.3.0)
    multi_json (1.13.1)
    multipart-post (2.0.0)
    nokogiri (1.8.4)
      mini_portile2 (~> 2.3.0)
    os (1.0.0)
    public_suffix (3.0.3)
    rake (12.3.1)
    signet (0.9.2)
      addressable (~> 2.3)
      faraday (~> 0.9)
      jwt (>= 1.5, < 3.0)
      multi_json (~> 1.10)
    telegram-bot-ruby (0.8.6.1)
      faraday
      inflecto
      virtus
    thread_safe (0.3.6)
    virtus (1.0.5)
      axiom-types (~> 0.1)
      coercible (~> 1.0)
      descendants_tracker (~> 0.0, >= 0.0.3)
      equalizer (~> 0.0, >= 0.0.9)

PLATFORMS
  ruby

DEPENDENCIES
  firebase
  nokogiri
  rake
  telegram-bot-ruby

BUNDLED WITH
   1.16.5
